GEM
  remote: https://rubygems.org/
  specs:
    rack (3.0.7)
    rouge (4.1.2)

PLATFORMS
  x86_64-linux

DEPENDENCIES
  rack
  rouge

BUNDLED WITH
   2.4.10
