GEM
  remote: https://rubygems.org/
  specs:
    diff-lcs (1.5.0)
    rack (3.0.7)
    rackup (2.1.0)
      rack (>= 3)
      webrick (~> 1.8)
    rouge (4.1.2)

PLATFORMS
  ruby

DEPENDENCIES
  rack
  rackup
  rouge

BUNDLED WITH
   2.4.10
